GIT
  remote: https://github.com/eksoverzero/vault-ruby.git
  revision: 01b8ea6c236faaf89e491e692ae9a4fff2fd7d8f
  branch: versioned-kv
  specs:
    vault (0.12.0)
      aws-sigv4

PATH
  remote: .
  specs:
    dotenv-secrets (0.1.0)
      dotenv
      vault

GEM
  remote: https://rubygems.org/
  specs:
    aws-eventstream (1.0.3)
    aws-sigv4 (1.1.0)
      aws-eventstream (~> 1.0, >= 1.0.2)
    diff-lcs (1.3)
    dotenv (2.7.5)
    rake (13.0.1)
    rspec (3.8.0)
      rspec-core (~> 3.8.0)
      rspec-expectations (~> 3.8.0)
      rspec-mocks (~> 3.8.0)
    rspec-core (3.8.2)
      rspec-support (~> 3.8.0)
    rspec-expectations (3.8.4)
      diff-lcs (>= 1.2.0, < 2.0)
      rspec-support (~> 3.8.0)
    rspec-mocks (3.8.1)
      diff-lcs (>= 1.2.0, < 2.0)
      rspec-support (~> 3.8.0)
    rspec-support (3.8.2)

PLATFORMS
  ruby

DEPENDENCIES
  bundler (~> 2.0)
  dotenv-secrets!
  rake (~> 13.0)
  rspec (~> 3.0)
  vault!

BUNDLED WITH
   2.0.2
